GEM
  remote: https://rubygems.org/
  specs:
    ruby-oembed (0.16.1)

DEPENDENCIES
  ruby-oembed (~> 0.16.0)


